NUGET
  remote: https://www.nuget.org/api/v2
  specs:
    Autofac (3.5.2)
    NUnit (2.6.3)
